PATH
  remote: .
  specs:
    repeatable (1.1.0)
      sorbet-runtime

GEM
  remote: https://rubygems.org/
  specs:
    ast (2.4.2)
    coderay (1.1.3)
    commander (4.6.0)
      highline (~> 2.0.0)
    diff-lcs (1.4.4)
    docile (1.4.0)
    highline (2.0.3)
    method_source (1.0.0)
    parallel (1.20.1)
    parlour (6.0.1)
      commander (~> 4.5)
      parser
      rainbow (~> 3.0)
      sorbet-runtime (>= 0.5)
    parser (3.0.0.0)
      ast (~> 2.4.1)
    pry (0.14.0)
      coderay (~> 1.1)
      method_source (~> 1.0)
    rainbow (3.0.0)
    rake (13.0.3)
    regexp_parser (2.1.1)
    rexml (3.2.5)
    rspec (3.10.0)
      rspec-core (~> 3.10.0)
      rspec-expectations (~> 3.10.0)
      rspec-mocks (~> 3.10.0)
    rspec-core (3.10.1)
      rspec-support (~> 3.10.0)
    rspec-expectations (3.10.1)
      diff-lcs (>= 1.2.0, < 2.0)
      rspec-support (~> 3.10.0)
    rspec-mocks (3.10.2)
      diff-lcs (>= 1.2.0, < 2.0)
      rspec-support (~> 3.10.0)
    rspec-support (3.10.2)
    rubocop (1.11.0)
      parallel (~> 1.10)
      parser (>= 3.0.0.0)
      rainbow (>= 2.2.2, < 4.0)
      regexp_parser (>= 1.8, < 3.0)
      rexml
      rubocop-ast (>= 1.2.0, < 2.0)
      ruby-progressbar (~> 1.7)
      unicode-display_width (>= 1.4.0, < 3.0)
    rubocop-ast (1.4.1)
      parser (>= 2.7.1.5)
    rubocop-performance (1.10.1)
      rubocop (>= 0.90.0, < 2.0)
      rubocop-ast (>= 0.4.0)
    ruby-progressbar (1.11.0)
    simplecov (0.21.2)
      docile (~> 1.1)
      simplecov-html (~> 0.11)
      simplecov_json_formatter (~> 0.1)
    simplecov-html (0.12.3)
    simplecov_json_formatter (0.1.4)
    sorbet (0.5.11370)
      sorbet-static (= 0.5.11370)
    sorbet-runtime (0.5.11370)
    sorbet-static (0.5.11370-aarch64-linux)
    sorbet-static (0.5.11370-universal-darwin)
    sorbet-static (0.5.11370-x86_64-linux)
    sorbet-static-and-runtime (0.5.11370)
      sorbet (= 0.5.11370)
      sorbet-runtime (= 0.5.11370)
    standard (1.0.4)
      rubocop (= 1.11.0)
      rubocop-performance (= 1.10.1)
    unicode-display_width (2.0.0)

PLATFORMS
  arm64-darwin-21
  arm64-darwin-23
  linux
  x86_64-darwin-19
  x86_64-linux

DEPENDENCIES
  parlour
  pry (~> 0.13)
  rake (>= 12.3.3)
  repeatable!
  rspec (~> 3.0)
  simplecov (~> 0.18)
  sorbet-static-and-runtime
  standard (~> 1.0)

BUNDLED WITH
   2.3.6
